GEM
  remote: http://rubygems.org/
  specs:
    git (1.2.5)
    hoe (2.13.0)
      rake (~> 0.8)
    jeweler (1.8.3)
      bundler (~> 1.0)
      git (>= 1.2.5)
      rake
      rdoc
    json (1.6.5)
    rake (0.9.2.2)
    rb-appscript (0.6.1)
    rdoc (3.12)
      json (~> 1.4)

PLATFORMS
  ruby

DEPENDENCIES
  hoe
  jeweler
  rb-appscript (>= 0.3.0)
